GEM
  remote: https://rubygems.org/
  specs:
    activemodel (5.1.5)
      activesupport (= 5.1.5)
    activerecord (5.1.5)
      activemodel (= 5.1.5)
      activesupport (= 5.1.5)
      arel (~> 8.0)
    activesupport (5.1.5)
      concurrent-ruby (~> 1.0, >= 1.0.2)
      i18n (~> 0.7)
      minitest (~> 5.1)
      tzinfo (~> 1.1)
    alexa_verifier (1.0.0)
    arel (8.0.0)
    concurrent-ruby (1.0.5)
    ffi (1.9.21-x64-mingw32)
    i18n (0.9.5)
      concurrent-ruby (~> 1.0)
    jsonb_accessor (1.0.0)
      activerecord (>= 5.0)
      activesupport (>= 5.0)
      pg (>= 0.18.1)
    listen (3.1.5)
      rb-fsevent (~> 0.9, >= 0.9.4)
      rb-inotify (~> 0.9, >= 0.9.7)
      ruby_dep (~> 1.2)
    little-plugger (1.1.4)
    logging (2.2.2)
      little-plugger (~> 1.1)
      multi_json (~> 1.10)
    minitest (5.11.3)
    multi_json (1.13.1)
    mustermann (1.0.2)
    oj (3.4.0)
    pg (1.0.0-x64-mingw32)
    rack (2.0.4)
    rack-protection (2.0.1)
      rack
    rake (12.3.0)
    ralyxa (1.6.2)
      alexa_verifier (~> 1.0)
    rb-fsevent (0.10.2)
    rb-inotify (0.9.10)
      ffi (>= 0.5.0, < 2)
    rerun (0.13.0)
      listen (~> 3.0)
    ruby_dep (1.5.0)
    sinatra (2.0.1)
      mustermann (~> 1.0)
      rack (~> 2.0)
      rack-protection (= 2.0.1)
      tilt (~> 2.0)
    sinatra-activerecord (2.0.13)
      activerecord (>= 3.2)
      sinatra (>= 1.0)
    thread_safe (0.3.6)
    tilt (2.0.8)
    tzinfo (1.2.5)
      thread_safe (~> 0.1)
    wdm (0.1.1)

PLATFORMS
  x64-mingw32

DEPENDENCIES
  jsonb_accessor (~> 1.0.0)
  logging
  multi_json
  oj
  pg
  rack-protection
  rake
  ralyxa
  rerun
  sinatra
  sinatra-activerecord
  wdm

BUNDLED WITH
   1.16.1
