GEM
  remote: https://rubygems.org/
  specs:
    activemodel (5.1.6)
      activesupport (= 5.1.6)
    activerecord (5.1.6)
      activemodel (= 5.1.6)
      activesupport (= 5.1.6)
      arel (~> 8.0)
    activesupport (5.1.6)
      concurrent-ruby (~> 1.0, >= 1.0.2)
      i18n (>= 0.7, < 2)
      minitest (~> 5.1)
      tzinfo (~> 1.1)
    acts-as-taggable-array-on (0.4.2)
      activerecord (>= 4)
      activesupport (>= 4)
    addressable (2.4.0)
    alexa_verifier (1.0.0)
    ansi (1.5.0)
    arel (8.0.0)
    ast (2.4.0)
    audited (4.7.0)
      activerecord (>= 4.0, < 5.2)
    backports (3.11.1)
    bugsnag (6.6.4)
      concurrent-ruby (~> 1.0)
    bundler-audit (0.6.0)
      bundler (~> 1.2)
      thor (~> 0.18)
    byebug (10.0.2)
    coderay (1.1.2)
    concurrent-ruby (1.0.5)
    coveralls (0.7.1)
      multi_json (~> 1.3)
      rest-client
      simplecov (>= 0.7)
      term-ansicolor
      thor
    database_cleaner (1.6.1)
    diff-lcs (1.3)
    docile (1.3.0)
    domain_name (0.5.20170404)
      unf (>= 0.0.5, < 1.0.0)
    dotenv (2.2.1)
    ethon (0.11.0)
      ffi (>= 1.3.0)
    factory_bot (4.8.2)
      activesupport (>= 3.0.0)
    faker (1.8.7)
      i18n (>= 0.7)
    faraday (0.14.0)
      multipart-post (>= 1.2, < 3)
    faraday_middleware (0.12.2)
      faraday (>= 0.7.4, < 1.0)
    ffi (1.9.23)
    ffi (1.9.23-x64-mingw32)
    formatador (0.2.5)
    fspath (3.1.0)
    fuubar (2.3.1)
      rspec-core (~> 3.0)
      ruby-progressbar (~> 1.4)
    gh (0.15.1)
      addressable (~> 2.4.0)
      backports
      faraday (~> 0.8)
      multi_json (~> 1.0)
      net-http-persistent (~> 2.9)
      net-http-pipeline
    guard (2.14.2)
      formatador (>= 0.2.4)
      listen (>= 2.7, < 4.0)
      lumberjack (>= 1.0.12, < 2.0)
      nenv (~> 0.1)
      notiffany (~> 0.0)
      pry (>= 0.9.12)
      shellany (~> 0.0)
      thor (>= 0.18.1)
    guard-compat (1.2.1)
    guard-rspec (4.7.3)
      guard (~> 2.1)
      guard-compat (~> 1.1)
      rspec (>= 2.99.0, < 4.0)
    highline (1.7.10)
    hirb (0.7.3)
    http-cookie (1.0.3)
      domain_name (~> 0.5)
    i18n (0.9.5)
      concurrent-ruby (~> 1.0)
    json (2.1.0)
    jsonb_accessor (1.0.0)
      activerecord (>= 5.0)
      activesupport (>= 5.0)
      pg (>= 0.18.1)
    launchy (2.4.3)
      addressable (~> 2.3)
    listen (3.1.5)
      rb-fsevent (~> 0.9, >= 0.9.4)
      rb-inotify (~> 0.9, >= 0.9.7)
      ruby_dep (~> 1.2)
    lumberjack (1.0.13)
    mail (2.7.0)
      mini_mime (>= 0.1.1)
    method_source (0.9.0)
    mime-types (3.1)
      mime-types-data (~> 3.2015)
    mime-types-data (3.2016.0521)
    mini_mime (1.0.0)
    minitest (5.11.3)
    multi_json (1.13.1)
    multipart-post (2.0.0)
    mustermann (1.0.2)
    nenv (0.3.0)
    net-http-persistent (2.9.4)
    net-http-pipeline (1.0.1)
    netrc (0.11.0)
    notiffany (0.1.1)
      nenv (~> 0.1)
      shellany (~> 0.0)
    oj (3.5.0)
    parallel (1.12.1)
    parser (2.5.0.5)
      ast (~> 2.4.0)
    pg (1.0.0)
    pg (1.0.0-x64-mingw32)
    pg_search (2.1.2)
      activerecord (>= 4.2)
      activesupport (>= 4.2)
      arel (>= 6)
    powerpack (0.1.1)
    pry (0.11.3)
      coderay (~> 1.1.0)
      method_source (~> 0.9.0)
    puma (3.11.3)
    pusher-client (0.6.2)
      json
      websocket (~> 1.0)
    rack (2.0.4)
    rack-accept (0.4.5)
      rack (>= 0.4)
    rack-contrib (2.0.1)
      rack (~> 2.0)
    rack-heartbeat (1.1.0)
      rack
    rack-protection (2.0.1)
      rack
    rack-ssl (1.4.1)
      rack
    rack-test (1.0.0)
      rack (>= 1.0, < 3)
    rack-timeout (0.4.2)
    rainbow (3.0.0)
    rake (12.3.1)
    ralyxa (1.7.0)
      alexa_verifier (~> 1.0)
    rb-fsevent (0.10.3)
    rb-inotify (0.9.10)
      ffi (>= 0.5.0, < 2)
    rdoc (6.0.3)
    rest-client (2.0.2)
      http-cookie (>= 1.0.2, < 2.0)
      mime-types (>= 1.16, < 4.0)
      netrc (~> 0.8)
    rest-client (2.0.2-x64-mingw32)
      ffi (~> 1.9)
      http-cookie (>= 1.0.2, < 2.0)
      mime-types (>= 1.16, < 4.0)
      netrc (~> 0.8)
    route_downcaser (1.2.1)
      activesupport (>= 3.2)
    rspec (3.7.0)
      rspec-core (~> 3.7.0)
      rspec-expectations (~> 3.7.0)
      rspec-mocks (~> 3.7.0)
    rspec-core (3.7.1)
      rspec-support (~> 3.7.0)
    rspec-expectations (3.7.0)
      diff-lcs (>= 1.2.0, < 2.0)
      rspec-support (~> 3.7.0)
    rspec-mocks (3.7.0)
      diff-lcs (>= 1.2.0, < 2.0)
      rspec-support (~> 3.7.0)
    rspec-support (3.7.1)
    rubocop (0.54.0)
      parallel (~> 1.10)
      parser (>= 2.5)
      powerpack (~> 0.1)
      rainbow (>= 2.2.2, < 4.0)
      ruby-progressbar (~> 1.7)
      unicode-display_width (~> 1.0, >= 1.0.1)
    ruby-progressbar (1.9.0)
    ruby_audit (1.2.0)
      bundler-audit (~> 0.6.0)
    ruby_dep (1.5.0)
    scrutinizer-ocular (1.0.1)
      simplecov (>= 0.7)
    sdoc (1.0.0)
      rdoc (>= 5.0)
    secure_headers (5.0.5)
      useragent (>= 0.15.0)
    shellany (0.0.1)
    simplecov (0.16.1)
      docile (~> 1.1)
      json (>= 1.8, < 3)
      simplecov-html (~> 0.10.0)
    simplecov-console (0.4.2)
      ansi
      hirb
      simplecov
    simplecov-html (0.10.2)
    sinatra (2.0.1)
      mustermann (~> 1.0)
      rack (~> 2.0)
      rack-protection (= 2.0.1)
      tilt (~> 2.0)
    sinatra-activerecord (2.0.13)
      activerecord (>= 3.2)
      sinatra (>= 1.0)
    sinatra-contrib (2.0.1)
      backports (>= 2.0)
      multi_json
      mustermann (~> 1.0)
      rack-protection (= 2.0.1)
      sinatra (= 2.0.1)
      tilt (>= 1.3, < 3)
    sinatra-initializers (0.1.4)
    sinatra_logger (0.1.0)
    strong_migrations (0.2.2)
      activerecord (>= 3.2.0)
    term-ansicolor (1.6.0)
      tins (~> 1.0)
    thor (0.20.0)
    thread_safe (0.3.6)
    tilt (2.0.8)
    timecop (0.9.1)
    tins (1.16.3)
    travis (1.8.8)
      backports
      faraday (~> 0.9)
      faraday_middleware (~> 0.9, >= 0.9.1)
      gh (~> 0.13)
      highline (~> 1.6)
      launchy (~> 2.1)
      pusher-client (~> 0.4)
      typhoeus (~> 0.6, >= 0.6.8)
    travis_check_rubies (0.2.5)
      fspath (~> 3.0)
    turnout (2.4.1)
      i18n (~> 0.7)
      rack (>= 1.3, < 3)
      rack-accept (~> 0.4)
      tilt (>= 1.4, < 3)
    typhoeus (0.8.0)
      ethon (>= 0.8.0)
    tzinfo (1.2.5)
      thread_safe (~> 0.1)
    tzinfo-data (1.2018.4)
      tzinfo (>= 1.0.0)
    unf (0.1.4)
      unf_ext
    unf_ext (0.0.7.5)
    unf_ext (0.0.7.5-x64-mingw32)
    unicode-display_width (1.3.0)
    useragent (0.16.10)
    valid_email2 (2.2.2)
      activemodel (>= 3.2)
      mail (~> 2.5)
    wdm (0.1.1)
    websocket (1.2.5)
    win32console (1.3.2)

PLATFORMS
  ruby
  x64-mingw32

DEPENDENCIES
  activerecord (>= 5.1.5)
  acts-as-taggable-array-on (>= 0.4.0)
  audited (>= 4.7.0)
  bugsnag (>= 6.6)
  bundler-audit (>= 0.6.0)
  byebug (>= 10.0.2)
  coveralls (>= 0.7.1)
  database_cleaner (= 1.6.1)
  dotenv (>= 2.2.1)
  factory_bot (>= 4.0)
  faker (>= 1.8.7)
  fuubar (>= 2.3.1)
  guard (>= 2.14.2)
  guard-rspec (>= 4.7.3)
  i18n (>= 0.9.5)
  jsonb_accessor (>= 1.0.0)
  multi_json (>= 1.13.1)
  oj (>= 3.5.0)
  pg (>= 1.0.0)
  pg_search (>= 2.1.2)
  puma (>= 3.11.2)
  rack-contrib (>= 2.0.1)
  rack-heartbeat (>= 1.1.0)
  rack-protection (>= 2.0.1)
  rack-ssl (>= 1.4.1)
  rack-test (>= 1.0.0)
  rack-timeout (>= 0.4.2)
  rake (>= 12.3.1)
  ralyxa (>= 1.7.0)
  rest-client (>= 2.0.2)
  route_downcaser (>= 1.2.1)
  rspec (>= 3.7.0)
  rubocop (>= 0.54.0)
  ruby_audit (>= 1.2.0)
  scrutinizer-ocular (>= 1.0.1)
  sdoc (>= 1.0.0)
  secure_headers (>= 5.0.5)
  simplecov (>= 0.16.1)
  simplecov-console (>= 0.4.2)
  sinatra (>= 2.0.1)
  sinatra-activerecord (>= 2.0.13)
  sinatra-contrib (>= 2.0.1)
  sinatra-initializers (>= 0.1.4)
  sinatra_logger (>= 0.1.0)
  strong_migrations (>= 0.2.2)
  timecop (>= 0.9.1)
  travis (>= 1.8.8)
  travis_check_rubies (>= 0.2.5)
  turnout (>= 2.4.1)
  tzinfo-data
  valid_email2 (>= 2.2.2)
  wdm (>= 0.1.0)
  win32console (>= 1.3.2)

RUBY VERSION
   ruby 2.4.3p205

BUNDLED WITH
   1.16.1
